GEM
  remote: https://rubygems.org/
  specs:
    dotenv (0.9.0)
    facter (1.7.4)
    ffi (1.9.3)
    foreman (0.63.0)
      dotenv (>= 0.7)
      thor (>= 0.13.6)
    hiera (1.3.1)
      json_pure
    json (1.8.1)
    json_pure (1.8.1)
    kicker (3.0.0)
      listen (~> 1.3.0)
      notify (~> 0.5.2)
    librarian-puppet (0.9.10)
      json
      thor (~> 0.15)
    listen (1.3.1)
      rb-fsevent (>= 0.9.3)
      rb-inotify (>= 0.9)
      rb-kqueue (>= 0.2)
    notify (0.5.2)
    puppet (3.4.2)
      facter (~> 1.6)
      hiera (~> 1.0)
      rgen (~> 0.6.5)
    rb-fsevent (0.9.4)
    rb-inotify (0.9.3)
      ffi (>= 0.5.0)
    rb-kqueue (0.2.0)
      ffi (>= 0.5.0)
    rgen (0.6.6)
    thor (0.18.1)

PLATFORMS
  ruby

DEPENDENCIES
  foreman
  kicker
  librarian-puppet
  puppet
